GEM
  remote: https://rubygems.org/
  specs:
    byebug (10.0.2)
    smart_colored (1.1.1)

PLATFORMS
  ruby

DEPENDENCIES
  byebug
  smart_colored

BUNDLED WITH
   1.15.2
